GEM
  remote: https://rubygems.org/
  specs:
    aws-sdk (2.0.47)
      aws-sdk-resources (= 2.0.47)
    aws-sdk-core (2.0.47)
      builder (~> 3.0)
      jmespath (~> 1.0)
      multi_json (~> 1.0)
    aws-sdk-resources (2.0.47)
      aws-sdk-core (= 2.0.47)
    builder (3.2.2)
    jmespath (1.0.2)
      multi_json (~> 1.0)
    multi_json (1.11.0)
    text-table (1.2.4)

PLATFORMS
  ruby

DEPENDENCIES
  aws-sdk
  text-table

BUNDLED WITH
   1.11.2
